GEM
  specs:
    json (2.0.1)

PLATFORMS
  ruby

DEPENDENCIES
  json

BUNDLED WITH
   1.12.3
